GEM
  remote: http://rubygems.org/
  specs:
    RedCloth (4.2.8)
    abstract (1.0.0)
    actionmailer (3.0.10)
      actionpack (= 3.0.10)
      mail (~> 2.2.19)
    actionpack (3.0.10)
      activemodel (= 3.0.10)
      activesupport (= 3.0.10)
      builder (~> 2.1.2)
      erubis (~> 2.6.6)
      i18n (~> 0.5.0)
      rack (~> 1.2.1)
      rack-mount (~> 0.6.14)
      rack-test (~> 0.5.7)
      tzinfo (~> 0.3.23)
    activemodel (3.0.10)
      activesupport (= 3.0.10)
      builder (~> 2.1.2)
      i18n (~> 0.5.0)
    activerecord (3.0.10)
      activemodel (= 3.0.10)
      activesupport (= 3.0.10)
      arel (~> 2.0.10)
      tzinfo (~> 0.3.23)
    activeresource (3.0.10)
      activemodel (= 3.0.10)
      activesupport (= 3.0.10)
    activesupport (3.0.10)
    acts_as_list (0.1.4)
    acts_as_tree_rails3 (0.1.0)
    addressable (2.1.2)
    arel (2.0.10)
    builder (2.1.2)
    coderay (0.9.8)
    diff-lcs (1.1.3)
    erubis (2.6.6)
      abstract (>= 1.0.0)
    factory_girl (2.5.1)
      activesupport
    flickraw (0.9.5)
    flickraw-cached (20110920)
      flickraw (>= 0.9)
    htmlentities (4.3.1)
    i18n (0.5.0)
    json (1.6.5)
    mail (2.2.19)
      activesupport (>= 2.3.6)
      i18n (>= 0.4.0)
      mime-types (~> 1.16)
      treetop (~> 1.4.8)
    mime-types (1.17.2)
    mini_magick (1.3.3)
      subexec (~> 0.0.4)
    nokogiri (1.5.0-x86-mingw32)
    polyglot (0.3.3)
    rack (1.2.5)
    rack-mount (0.6.14)
      rack (>= 1.0.0)
    rack-test (0.5.7)
      rack (>= 1.0)
    rails (3.0.10)
      actionmailer (= 3.0.10)
      actionpack (= 3.0.10)
      activerecord (= 3.0.10)
      activeresource (= 3.0.10)
      activesupport (= 3.0.10)
      bundler (~> 1.0)
      railties (= 3.0.10)
    railties (3.0.10)
      actionpack (= 3.0.10)
      activesupport (= 3.0.10)
      rake (>= 0.8.7)
      rdoc (~> 3.4)
      thor (~> 0.14.4)
    rake (0.9.2.2)
    rdoc (3.12)
      json (~> 1.4)
    recaptcha (0.3.4)
    require_relative (1.0.3)
    rspec (2.8.0)
      rspec-core (~> 2.8.0)
      rspec-expectations (~> 2.8.0)
      rspec-mocks (~> 2.8.0)
    rspec-core (2.8.0)
    rspec-expectations (2.8.0)
      diff-lcs (~> 1.1.2)
    rspec-mocks (2.8.0)
    rspec-rails (2.8.1)
      actionpack (>= 3.0)
      activesupport (>= 3.0)
      railties (>= 3.0)
      rspec (~> 2.8.0)
    rubypants (0.2.0)
    sqlite3 (1.3.5-x86-mingw32)
    subexec (0.0.4)
    thor (0.14.6)
    treetop (1.4.10)
      polyglot
      polyglot (>= 0.3.1)
    tzinfo (0.3.31)
    uuidtools (2.1.2)
    webrat (0.7.3)
      nokogiri (>= 1.2.0)
      rack (>= 1.0)
      rack-test (>= 0.5.3)
    will_paginate (3.0.pre2)

PLATFORMS
  x86-mingw32

DEPENDENCIES
  RedCloth (= 4.2.8)
  acts_as_list
  acts_as_tree_rails3
  addressable (~> 2.1.0)
  coderay (~> 0.9)
  factory_girl
  flickraw-cached
  htmlentities
  json
  mini_magick (= 1.3.3)
  rails (= 3.0.10)
  rake (>= 0.9.2)
  recaptcha
  require_relative
  rspec-rails (>= 2.0.0.beta.20)
  rubypants (~> 0.2.0)
  sqlite3
  uuidtools (~> 2.1.1)
  webrat
  will_paginate (= 3.0.pre2)
